GIT
  remote: git://github.com/sinatra/sinatra.git
  revision: 9f6923214f1441c47fb90225f5fd53a572366dcf
  specs:
    sinatra (1.3.0)
      rack (~> 1.3)
      tilt (~> 1.3)

GEM
  remote: http://rubygems.org/
  specs:
    bacon (1.1.0)
    daemon_controller (0.2.6)
    daemons (1.1.4)
    eventmachine (0.12.10)
    fastthread (1.0.7)
    json (1.5.3)
    passenger (3.0.8)
      daemon_controller (>= 0.2.5)
      fastthread (>= 1.0.1)
      rack
      rake (>= 0.8.1)
    rack (1.3.2)
    rack-test (0.6.1)
      rack (>= 1.0)
    rake (0.9.2)
    rr (1.0.3)
    ruby-mp3info (0.6.15)
    thin (1.2.11)
      daemons (>= 1.0.9)
      eventmachine (>= 0.12.6)
      rack (>= 1.0.0)
    tilt (1.3.2)

PLATFORMS
  ruby

DEPENDENCIES
  bacon
  json
  passenger
  rack-test
  rake
  rr
  ruby-mp3info
  sinatra!
  thin
